GEM
  remote: https://rubygems.org/
  specs:
    byebug (8.2.0)
    dotenv (2.0.2)
    org-ruby (0.9.12)
      rubypants (~> 0.2)
    rubypants (0.2.0)
    slop (4.2.0)

PLATFORMS
  ruby

DEPENDENCIES
  byebug
  dotenv
  org-ruby
  slop

BUNDLED WITH
   1.10.6
